PATH
  remote: .
  specs:
    ssc.nob (0.1.0-java)
      attr_bool (~> 0.1)
      highline (~> 2.0)
      rainbow (~> 3.0)
      ssc.bot (~> 0.1)
      tty-spinner (~> 0.9)

GEM
  remote: https://rubygems.org/
  specs:
    attr_bool (0.1.0)
    highline (2.0.3)
    minitest (5.14.2)
    rainbow (3.0.0)
    rake (13.0.1)
    ssc.bot (0.1.1)
      attr_bool (~> 0.1)
    tty-cursor (0.7.1)
    tty-spinner (0.9.3)
      tty-cursor (~> 0.7)

PLATFORMS
  java

DEPENDENCIES
  bundler (~> 2.1)
  minitest (~> 5.14)
  rake (~> 13.0)
  ssc.nob!

RUBY VERSION
   ruby 2.5.7p0 (jruby 9.2.9.0)

BUNDLED WITH
   2.1.4
