PATH
  remote: .
  specs:
    ssc.nob (0.1.0-java)
      attr_bool (~> 0.2)
      highline (~> 2.0)
      rainbow (~> 3.0)
      ssc.bot (~> 0.2)
      tty-spinner (~> 0.9)

GEM
  remote: https://rubygems.org/
  specs:
    attr_bool (0.2.2)
    highline (2.0.3)
    jruby-jars (9.2.19.0)
    jruby-rack (1.1.21)
    minitest (5.14.4)
    rainbow (3.0.0)
    rake (13.0.3)
    rubyzip (1.3.0)
    ssc.bot (0.2.0)
      attr_bool (~> 0.2)
    tty-cursor (0.7.1)
    tty-spinner (0.9.3)
      tty-cursor (~> 0.7)
    warbler (2.0.5)
      jruby-jars (>= 9.0.0.0)
      jruby-rack (>= 1.1.1, < 1.3)
      rake (>= 10.1.0)
      rubyzip (~> 1.0, < 1.4)

PLATFORMS
  java
  universal-java-1.8
  universal-java-11

DEPENDENCIES
  bundler (~> 2.2)
  minitest (~> 5.14)
  rake (~> 13.0)
  ssc.nob!
  warbler (~> 2.0)

RUBY VERSION
   ruby 2.5.7p0 (jruby 9.2.9.0)

BUNDLED WITH
   2.2.20
